PATH
  remote: ../..
  specs:
    arduino_ci (0.1.9)
      os (~> 1.0)

GEM
  remote: https://rubygems.org/
  specs:
    os (1.0.0)

PLATFORMS
  ruby
  x64-mingw32

DEPENDENCIES
  arduino_ci!

BUNDLED WITH
   1.16.1
